GEM
  remote: https://rubygems.org/
  specs:
    kramdown (1.8.0)
    mdl (0.2.1)
      kramdown (~> 1.5, >= 1.5.0)
      mixlib-cli (~> 1.5, >= 1.5.0)
      mixlib-config (~> 2.1, >= 2.1.0)
    mixlib-cli (1.5.0)
    mixlib-config (2.2.1)
    rake (10.4.2)

PLATFORMS
  ruby

DEPENDENCIES
  mdl (= 0.2.1)
  rake (= 10.4.2)

BUNDLED WITH
   1.10.6
